PATH
  remote: .
  specs:
    activeduty (0.1.1)
      activemodel
      activesupport

GEM
  remote: https://rubygems.org/
  specs:
    activemodel (6.1.7.2)
      activesupport (= 6.1.7.2)
    activesupport (6.1.7.2)
      concurrent-ruby (~> 1.0, >= 1.0.2)
      i18n (>= 1.6, < 2)
      minitest (>= 5.1)
      tzinfo (~> 2.0)
      zeitwerk (~> 2.3)
    coderay (1.1.3)
    concurrent-ruby (1.2.0)
    i18n (1.12.0)
      concurrent-ruby (~> 1.0)
    method_source (1.0.0)
    minitest (5.14.1)
    pry (0.13.1)
      coderay (~> 1.1)
      method_source (~> 1.0)
    rake (12.3.3)
    tzinfo (2.0.6)
      concurrent-ruby (~> 1.0)
    zeitwerk (2.6.6)

PLATFORMS
  ruby

DEPENDENCIES
  activeduty!
  minitest (~> 5.0)
  pry
  rake (~> 12.0)

BUNDLED WITH
   2.1.4
